NUGET
  remote: https://nuget.org/api/v2
  specs:
    Chessie (0.1.1)
      FSharp.Core
    FAKE (3.27.7)
    FSharp.Compiler.CodeDom (0.9.2)
    FSharp.Compiler.Service (0.0.87)
    FSharp.Core (3.1.2.1)
    FSharp.Formatting (2.8.0)
      FSharp.Compiler.Service (>= 0.0.86)
      FSharpVSPowerTools.Core (>= 1.7.0)
    FSharpVSPowerTools.Core (1.8.0)
      FSharp.Compiler.Service (>= 0.0.87)
    FsUnit.xUnit (1.3.0.1)
      xunit (>= 1.9.1 < 3.0) - framework: net20, >= net40, >= net45
    jQuery (2.1.3)
    knockoutjs (3.3.0)
    Microsoft.AspNet.Razor (3.2.3)
    Microsoft.AspNet.SignalR (2.2.0)
      Microsoft.AspNet.SignalR.JS (>= 2.2.0)
      Microsoft.AspNet.SignalR.SystemWeb (>= 2.2.0)
    Microsoft.AspNet.SignalR.Core (2.2.0)
      Microsoft.Owin (>= 2.1.0)
      Microsoft.Owin.Security (>= 2.1.0)
      Newtonsoft.Json (>= 6.0.4)
      Owin (>= 1.0)
    Microsoft.AspNet.SignalR.JS (2.2.0)
      jQuery (>= 1.6.4)
    Microsoft.AspNet.SignalR.SystemWeb (2.2.0)
      Microsoft.AspNet.SignalR.Core (>= 2.2.0)
      Microsoft.Owin.Host.SystemWeb (>= 2.1.0)
    Microsoft.Bcl (1.1.10)
      Microsoft.Bcl.Build (>= 1.0.14)
    Microsoft.Bcl.Build (1.0.21)
    Microsoft.Net.Http (2.2.29)
      Microsoft.Bcl (>= 1.1.10)
      Microsoft.Bcl.Build (>= 1.0.14)
    Microsoft.Owin (3.0.1)
      Owin (>= 1.0)
    Microsoft.Owin.Host.HttpListener (3.0.1)
    Microsoft.Owin.Host.SystemWeb (3.0.1)
      Microsoft.Owin (>= 3.0.1)
      Owin (>= 1.0)
    Microsoft.Owin.Hosting (3.0.1)
      Microsoft.Owin (>= 3.0.1)
      Owin (>= 1.0)
    Microsoft.Owin.Security (3.0.1)
      Microsoft.Owin (>= 3.0.1)
      Owin (>= 1.0)
    Nancy (1.1)
    Nancy.Owin (1.1)
      Nancy (>= 1.1)
      Owin (>= 1.0)
    Nancy.Viewengines.Razor (1.1)
      Microsoft.AspNet.Razor
      Microsoft.AspNet.Razor (>= 2.0.30506) - framework: >= net40
      Nancy (>= 1.1)
    ncrontab (2.0.0)
    Newtonsoft.Json (6.0.8)
    NLog (3.2.0.0)
    Octokit (0.9.0)
      Microsoft.Net.Http
    Owin (1.0)
    SourceLink.Fake (0.5.0)
    xunit (1.9.2)
    xunit.abstractions (2.0.0)
    xunit.assert (2.0.0)
    xunit.core (2.0.0)
      xunit.extensibility.core (2.0.0)
    xunit.extensibility.core (2.0.0)
      xunit.abstractions (2.0.0)
    xunit.runner.visualstudio (2.0.0)
    xunit.runners (1.9.2)
GITHUB
  remote: fsharp/FAKE
  specs:
    modules/Octokit/Octokit.fsx (7d36e50c043afa6ea63b1c30d958ee6bd330b013)
      Octokit