NUGET
  remote: https://nuget.org/api/v2
  specs:
    Chessie (0.0.9)
      FSharp.Core
    FAKE (3.18.0)
    FSharp.Compiler.CodeDom (0.9.1)
    FSharp.Compiler.Service (0.0.86)
    FSharp.Core (3.1.2.1)
    FSharp.Formatting (2.7.4)
      FSharp.Compiler.Service (>= 0.0.82)
      FSharpVSPowerTools.Core (>= 1.7.0)
    FSharpVSPowerTools.Core (1.7.0)
      FSharp.Compiler.Service (>= 0.0.81)
    FsUnit (1.3.0.1)
      NUnit (>= 2.6.3)
    Microsoft.Bcl (1.1.10)
      Microsoft.Bcl.Build (>= 1.0.14)
    Microsoft.Bcl.Build (1.0.21)
    Microsoft.Net.Http (2.2.29)
      Microsoft.Bcl (>= 1.1.10)
      Microsoft.Bcl.Build (>= 1.0.14)
    ncrontab (2.0.0)
    NLog (3.2.0.0)
    NUnit (2.6.4)
    NUnit.Runners (2.6.4)
    Octokit (0.7.2)
      Microsoft.Net.Http
    SourceLink.Fake (0.4.2)
GITHUB
  remote: fsharp/FAKE
  specs:
    modules/Octokit/Octokit.fsx (9c61ff79fce68a16fc4b027c8a931d89d7fb7c6d)
      Octokit