NUGET
  remote: https://nuget.org/api/v2
  specs:
    Chessie (0.0.23)
      FSharp.Core
    FAKE (3.23.0)
    FSharp.Compiler.CodeDom (0.9.1)
    FSharp.Compiler.Service (0.0.86)
    FSharp.Core (3.1.2.1)
    FSharp.Formatting (2.7.5)
      FSharp.Compiler.Service (>= 0.0.82)
      FSharpVSPowerTools.Core (>= 1.7.0)
    FSharpVSPowerTools.Core (1.7.0)
      FSharp.Compiler.Service (>= 0.0.81)
    FsUnit.xUnit (1.3.0.1)
      xunit (>= 1.9.1 < 3.0) - framework: net20, >= net40, >= net45
    Microsoft.Bcl (1.1.10)
      Microsoft.Bcl.Build (>= 1.0.14)
    Microsoft.Bcl.Build (1.0.21)
    Microsoft.Net.Http (2.2.29)
      Microsoft.Bcl (>= 1.1.10)
      Microsoft.Bcl.Build (>= 1.0.14)
    ncrontab (2.0.0)
    NLog (3.2.0.0)
    Octokit (0.7.3)
      Microsoft.Net.Http
    SourceLink.Fake (0.4.2)
    xunit (1.9.2) - framework: net20, >= net40, >= net45
    xunit.runner.visualstudio (0.99.8)
GITHUB
  remote: fsharp/FAKE
  specs:
    modules/Octokit/Octokit.fsx (8c43fc5a6b2af40e207e38eb37159454b238c10d)
      Octokit