NUGET
  remote: https://nuget.org/api/v2
  specs:
    bootstrap (3.3.4)
      jQuery (>= 1.9.1)
    Chessie (0.1.1)
      FSharp.Core
    FAKE (3.26.7)
    FSharp.Compiler.CodeDom (0.9.2)
    FSharp.Compiler.Service (0.0.87)
    FSharp.Core (3.1.2.1)
    FSharp.Formatting (2.8.0)
      FSharp.Compiler.Service (>= 0.0.86)
      FSharpVSPowerTools.Core (>= 1.7.0)
    FSharpVSPowerTools.Core (1.8.0)
      FSharp.Compiler.Service (>= 0.0.87)
    FsPickler (1.0.16)
    FsUnit.xUnit (1.3.0.1)
      xunit (>= 1.9.1 < 3.0) - framework: net20, >= net40, >= net45
    jQuery (2.1.3)
    jquery.TypeScript.DefinitelyTyped (2.2.3)
    knockoutjs (3.3.0)
    Microsoft.Bcl (1.1.10)
      Microsoft.Bcl.Build (>= 1.0.14)
    Microsoft.Bcl.Build (1.0.21)
    Microsoft.Net.Http (2.2.29)
      Microsoft.Bcl (>= 1.1.10)
      Microsoft.Bcl.Build (>= 1.0.14)
    Nancy (1.1)
    Nancy.Hosting.Self (1.1)
      Nancy (>= 1.1)
    ncrontab (2.0.0)
    NLog (3.2.0.0)
    Octokit (0.8.0)
      Microsoft.Net.Http
    SourceLink.Fake (0.5.0)
    Suave (0.26.1)
      FSharp.Core (>= 3.1.2.1)
      FsPickler (>= 1.0.7)
    xunit (1.9.2)
    xunit.runner.visualstudio (2.0.0)
    xunit.runners (1.9.2)
GITHUB
  remote: fsharp/FAKE
  specs:
    modules/Octokit/Octokit.fsx (095c94dcce1fee5154e4afb5ab836a3b3af972a3)
      Octokit