NUGET
  remote: https://nuget.org/api/v2
  specs:
    Chessie (0.1.1)
      FSharp.Core
    FAKE (3.27.7)
    FSharp.Compiler.CodeDom (0.9.2)
    FSharp.Compiler.Service (0.0.87)
    FSharp.Core (3.1.2.1)
    FSharp.Formatting (2.8.0)
      FSharp.Compiler.Service (>= 0.0.86)
      FSharpVSPowerTools.Core (>= 1.7.0)
    FSharpVSPowerTools.Core (1.8.0)
      FSharp.Compiler.Service (>= 0.0.87)
    FsUnit.xUnit (1.3.0.1)
      xunit (>= 1.9.1 < 3.0) - framework: net20, >= net40, >= net45
    Microsoft.AspNet.Razor (3.2.3)
    Microsoft.Bcl (1.1.10)
      Microsoft.Bcl.Build (>= 1.0.14)
    Microsoft.Bcl.Build (1.0.21)
    Microsoft.Net.Http (2.2.29)
      Microsoft.Bcl (>= 1.1.10)
      Microsoft.Bcl.Build (>= 1.0.14)
    Nancy (1.1)
    Nancy.Hosting.Self (1.1)
      Nancy (>= 1.1)
    Nancy.Viewengines.Razor (1.1)
      Microsoft.AspNet.Razor
      Microsoft.AspNet.Razor (>= 2.0.30506) - framework: >= net40
      Nancy (>= 1.1)
    ncrontab (2.0.0)
    NLog (3.2.0.0)
    Octokit (0.9.0)
      Microsoft.Net.Http
    SourceLink.Fake (0.5.0)
    System.Web.Razor.Unofficial (2.0.2)
    xunit (1.9.2)
    xunit.abstractions (2.0.0)
    xunit.assert (2.0.0)
    xunit.core (2.0.0)
      xunit.extensibility.core (2.0.0)
    xunit.extensibility.core (2.0.0)
      xunit.abstractions (2.0.0)
    xunit.runner.visualstudio (2.0.0)
    xunit.runners (1.9.2)
GITHUB
  remote: fsharp/FAKE
  specs:
    modules/Octokit/Octokit.fsx (41d249fc879a54aa5c09378090716497bacaa541)
      Octokit